GEM
  remote: https://rubygems.org/
  specs:
    json (2.1.0)
    rack (3.0.9.1)
    rake (0.9.6)

PLATFORMS
  arm64-darwin-22
  x86_64-linux

DEPENDENCIES
  json (< 2.2.0)
  rack (< 3.0.10)
  rake (< 10.0)

BUNDLED WITH
   2.2.33
