GEM
  remote: https://rubygems.org/
  specs:
    json (2.1.0)
    rack (2.2.2)
    rake (13.1.0)

PLATFORMS
  arm64-darwin-22
  x86_64-linux

DEPENDENCIES
  json (< 2.2.0)
  rack (< 2.2.3)
  rake (< 14.0)

BUNDLED WITH
   2.2.33
