GEM
  remote: https://rubygems.org/
  specs:
    json (2.7.1)
    rack (2.2.8.1)
    rake (12.3.3)

PLATFORMS
  arm64-darwin-22
  x86_64-linux

DEPENDENCIES
  json (< 2.8.0)
  rack (< 2.2.9)
  rake (< 13.0)

BUNDLED WITH
   2.2.33
