GEM
  remote: https://rubygems.org/
  specs:
    json (2.1.0)

PLATFORMS
  arm64-darwin-22

DEPENDENCIES
  json (< 2.2.0)

BUNDLED WITH
   2.2.33
